GEM
  remote: http://rubygems.org/
  specs:
    addressable (2.2.6)
    foreman (0.31.0)
      term-ansicolor (~> 1.0.5)
      thor (>= 0.13.6)
    heroku (2.17.0)
      launchy (>= 0.3.2)
      rest-client (~> 1.6.1)
      rubyzip
      term-ansicolor (~> 1.0.5)
    kgio (2.7.0)
    launchy (2.0.5)
      addressable (~> 2.2.6)
    mime-types (1.17.2)
    rack (1.4.0)
    rack-protection (1.2.0)
      rack
    raindrops (0.8.0)
    rest-client (1.6.7)
      mime-types (>= 1.16)
    rubyzip (0.9.5)
    sinatra (1.3.2)
      rack (~> 1.3, >= 1.3.6)
      rack-protection (~> 1.2)
      tilt (~> 1.3, >= 1.3.3)
    term-ansicolor (1.0.7)
    thor (0.14.6)
    tilt (1.3.3)
    unicorn (4.1.1)
      kgio (~> 2.4)
      rack
      raindrops (~> 0.6)

PLATFORMS
  ruby

DEPENDENCIES
  foreman
  heroku
  sinatra
  unicorn
